GEM
  remote: https://rubygems.org/
  specs:
    json (2.0.3)
    rake (10.4.2)

PLATFORMS
  ruby

DEPENDENCIES
  bundler
  json (~> 2.0)
  rake

BUNDLED WITH
   1.13.7
